GEM
  remote: https://rubygems.org/
  specs:
    ffi (1.11.1)
    listen (3.1.1)
      rb-fsevent (>= 0.9.3)
      rb-inotify (>= 0.9.7)
    rb-fsevent (0.9.7)
    rb-inotify (0.9.7)
      ffi (>= 0.5.0)
    sass (3.4.22)

PLATFORMS
  ruby

DEPENDENCIES
  listen
  sass

BUNDLED WITH
   1.11.2
